GIT
  remote: git://github.com/mislav/will_paginate.git
  revision: 3615938
  branch: rails3
  specs:
    will_paginate (3.0.pre2)

GIT
  remote: git://github.com/szimek/factory_girl.git
  revision: b4b7d25
  branch: rails3
  specs:
    factory_girl (1.2.3)

GIT
  remote: git://github.com/thoughtbot/paperclip.git
  revision: 9e6afe4
  specs:
    paperclip (2.3.3)
      activerecord
      activesupport

GEM
  remote: http://rubygems.org/
  specs:
    RedCloth (4.2.3)
    Saikuro (1.1.0)
    abstract (1.0.0)
    actionmailer (3.0.0.rc2)
      actionpack (= 3.0.0.rc2)
      mail (~> 2.2.5)
    actionpack (3.0.0.rc2)
      activemodel (= 3.0.0.rc2)
      activesupport (= 3.0.0.rc2)
      builder (~> 2.1.2)
      erubis (~> 2.6.6)
      i18n (~> 0.4.1)
      rack (~> 1.2.1)
      rack-mount (~> 0.6.12)
      rack-test (~> 0.5.4)
      tzinfo (~> 0.3.23)
    activemodel (3.0.0.rc2)
      activesupport (= 3.0.0.rc2)
      builder (~> 2.1.2)
      i18n (~> 0.4.1)
    activerecord (3.0.0.rc2)
      activemodel (= 3.0.0.rc2)
      activesupport (= 3.0.0.rc2)
      arel (~> 1.0.0.rc1)
      tzinfo (~> 0.3.23)
    activeresource (3.0.0.rc2)
      activemodel (= 3.0.0.rc2)
      activesupport (= 3.0.0.rc2)
    activesupport (3.0.0.rc2)
    addressable (2.2.0)
    arel (1.0.1)
      activesupport (~> 3.0.0)
    arrayfields (4.7.4)
    autotest (4.3.2)
    aws-s3 (0.6.2)
      builder
      mime-types
      xml-simple
    builder (2.1.2)
    chronic (0.2.3)
      hoe (>= 1.2.1)
    churn (0.0.12)
      chronic (~> 0.2.3)
      hirb
      json_pure
      main
      ruby_parser (~> 2.0.4)
      sexp_processor (~> 3.0.3)
    diff-lcs (1.1.2)
    erubis (2.6.6)
      abstract (>= 1.0.0)
    faraday (0.4.6)
      addressable (>= 2.1.1)
      rack (>= 1.0.1)
    fattr (2.1.0)
    flay (1.4.0)
      ruby_parser (~> 2.0)
      sexp_processor (~> 3.0)
    flog (2.4.0)
      ruby_parser (~> 2.0)
      sexp_processor (~> 3.0)
    hirb (0.3.3)
    hoe (2.6.1)
      rake (>= 0.8.7)
      rubyforge (>= 2.0.4)
    i18n (0.4.1)
    json_pure (1.4.6)
    mail (2.2.5)
      activesupport (>= 2.3.6)
      mime-types
      treetop (>= 1.4.5)
    main (4.2.0)
      arrayfields (>= 4.7.4)
      fattr (>= 2.1.0)
    metric_fu (1.5.1)
      Saikuro (>= 1.1.0)
      activesupport (>= 2.0.0)
      chronic (>= 0.2.3)
      churn (>= 0.0.7)
      flay (>= 1.2.1)
      flog (>= 2.2.0)
      rails_best_practices (>= 0.3.16)
      rcov (>= 0.8.3.3)
      reek (>= 1.2.6)
      roodi (>= 2.1.0)
    mime-types (1.16)
    multi_json (0.0.4)
    mysql (2.8.1)
    oauth2 (0.0.13)
      faraday (~> 0.4.1)
      multi_json (>= 0.0.4)
    polyglot (0.3.1)
    rack (1.2.1)
    rack-mount (0.6.12)
      rack (>= 1.0.0)
    rack-test (0.5.4)
      rack (>= 1.0)
    rails (3.0.0.rc2)
      actionmailer (= 3.0.0.rc2)
      actionpack (= 3.0.0.rc2)
      activerecord (= 3.0.0.rc2)
      activeresource (= 3.0.0.rc2)
      activesupport (= 3.0.0.rc2)
      bundler (>= 1.0.0.rc.6)
      railties (= 3.0.0.rc2)
    rails_best_practices (0.4.0)
      ruby2ruby (>= 1.2.4)
      ruby_parser (>= 2.0.4)
    railties (3.0.0.rc2)
      actionpack (= 3.0.0.rc2)
      activesupport (= 3.0.0.rc2)
      rake (>= 0.8.3)
      thor (~> 0.14.0)
    rake (0.8.7)
    rcov (0.9.8)
    reek (1.2.8)
      ruby2ruby (~> 1.2)
      ruby_parser (~> 2.0)
      sexp_processor (~> 3.0)
    roodi (2.1.0)
      ruby_parser
    rspec (2.0.0.beta.20)
      rspec-core (= 2.0.0.beta.20)
      rspec-expectations (= 2.0.0.beta.20)
      rspec-mocks (= 2.0.0.beta.20)
    rspec-core (2.0.0.beta.20)
    rspec-expectations (2.0.0.beta.20)
      diff-lcs (>= 1.1.2)
    rspec-mocks (2.0.0.beta.20)
    rspec-rails (2.0.0.beta.20)
      rspec (= 2.0.0.beta.20)
    ruby2ruby (1.2.4)
      ruby_parser (~> 2.0)
      sexp_processor (~> 3.0)
    ruby_parser (2.0.4)
      sexp_processor (~> 3.0)
    rubyforge (2.0.4)
      json_pure (>= 1.1.7)
    sexp_processor (3.0.4)
    smurf (1.0.4)
    sqlite3-ruby (1.3.1)
    thor (0.14.0)
    treetop (1.4.8)
      polyglot (>= 0.3.1)
    tzinfo (0.3.23)
    xml-simple (1.0.12)

PLATFORMS
  ruby

DEPENDENCIES
  RedCloth
  autotest
  aws-s3
  factory_girl!
  metric_fu
  mysql
  oauth2
  paperclip!
  rails (= 3.0.0.rc2)
  rspec
  rspec-rails
  smurf
  sqlite3-ruby
  will_paginate!
